{
  "InstitutionAddress": "Aberdeen, MD, USA",
  "InstitutionName": "Army Research Laboratory",
  "PowerLineFrequency": 50,
  "TaskName": "HID",
  "EEGReference": "common",
  "RecordingType": "continuous",
  "RecordingDuration": 1073.52734375,
  "SamplingFrequency": 2048,
  "SoftwareFilters": "n/a"
}